PATH
  remote: .
  specs:
    cequel (0.1.0)
      activemodel (~> 3.1)
      activesupport (~> 3.1)
      cassandra-cql (~> 1.0)
      i18n

GEM
  remote: http://rubygems.org/
  specs:
    activemodel (3.2.3)
      activesupport (= 3.2.3)
      builder (~> 3.0.0)
    activesupport (3.2.3)
      i18n (~> 0.6)
      multi_json (~> 1.0)
    archive-tar-minitar (0.5.2)
    builder (3.0.0)
    cassandra-cql (1.0.4)
      simple_uuid (>= 0.2.0)
      thrift_client (>= 0.7.1)
    columnize (0.3.6)
    diff-lcs (1.1.3)
    i18n (0.6.0)
    linecache19 (0.5.12)
      ruby_core_source (>= 0.1.4)
    multi_json (1.3.4)
    rspec (2.10.0)
      rspec-core (~> 2.10.0)
      rspec-expectations (~> 2.10.0)
      rspec-mocks (~> 2.10.0)
    rspec-core (2.10.0)
    rspec-expectations (2.10.0)
      diff-lcs (~> 1.1.3)
    rspec-mocks (2.10.1)
    ruby-debug-base19 (0.11.25)
      columnize (>= 0.3.1)
      linecache19 (>= 0.5.11)
      ruby_core_source (>= 0.1.4)
    ruby-debug19 (0.11.6)
      columnize (>= 0.3.1)
      linecache19 (>= 0.5.11)
      ruby-debug-base19 (>= 0.11.19)
    ruby_core_source (0.1.5)
      archive-tar-minitar (>= 0.5.2)
    simple_uuid (0.2.0)
    thrift (0.8.0)
    thrift_client (0.8.1)
      thrift (~> 0.8.0)
    yard (0.8.1)

PLATFORMS
  ruby

DEPENDENCIES
  cequel!
  rspec (~> 2.0)
  ruby-debug19 (~> 0.11)
  yard (~> 0.6)
