PATH
  remote: .
  specs:
    cequel (0.3.3)
      activemodel (~> 3.1)
      activesupport (~> 3.1)
      cassandra-cql (~> 1.0)
      i18n

GEM
  remote: http://rubygems.org/
  specs:
    activemodel (3.2.7)
      activesupport (= 3.2.7)
      builder (~> 3.0.0)
    activesupport (3.2.7)
      i18n (~> 0.6)
      multi_json (~> 1.0)
    builder (3.0.0)
    cassandra-cql (1.0.4)
      simple_uuid (>= 0.2.0)
      thrift_client (>= 0.7.1)
    columnize (0.3.6)
    debugger (1.2.0)
      columnize (>= 0.3.1)
      debugger-linecache (~> 1.1.1)
      debugger-ruby_core_source (~> 1.1.3)
    debugger-linecache (1.1.2)
      debugger-ruby_core_source (>= 1.1.1)
    debugger-ruby_core_source (1.1.3)
    diff-lcs (1.1.3)
    geminabox (0.6.1)
      builder
      httpclient
      sinatra
    httpclient (2.2.5)
    i18n (0.6.0)
    multi_json (1.3.6)
    rack (1.4.1)
    rack-protection (1.2.0)
      rack
    rspec (2.10.0)
      rspec-core (~> 2.10.0)
      rspec-expectations (~> 2.10.0)
      rspec-mocks (~> 2.10.0)
    rspec-core (2.10.0)
    rspec-expectations (2.10.0)
      diff-lcs (~> 1.1.3)
    rspec-mocks (2.10.1)
    simple_uuid (0.2.0)
    sinatra (1.3.2)
      rack (~> 1.3, >= 1.3.6)
      rack-protection (~> 1.2)
      tilt (~> 1.3, >= 1.3.3)
    thrift (0.8.0)
    thrift_client (0.8.1)
      thrift (~> 0.8.0)
    tilt (1.3.3)
    yard (0.8.1)

PLATFORMS
  ruby

DEPENDENCIES
  cequel!
  debugger
  geminabox
  rspec (~> 2.0)
  yard (~> 0.6)
