PATH
  remote: .
  specs:
    cequel (0.5.3)
      activemodel (~> 3.1)
      activesupport (~> 3.1)
      cassandra-cql (~> 1.2)
      connection_pool (~> 0.9.2)
      i18n

GEM
  remote: https://rubygems.org/
  specs:
    activemodel (3.2.12)
      activesupport (= 3.2.12)
      builder (~> 3.0.0)
    activesupport (3.2.12)
      i18n (~> 0.6)
      multi_json (~> 1.0)
    builder (3.0.4)
    byebug (1.5.0)
      columnize (~> 0.3.6)
      debugger-linecache (~> 1.2.0)
    cassandra-cql (1.2.0)
      simple_uuid (>= 0.2.0)
      thrift_client (>= 0.7.1, < 0.9)
    columnize (0.3.6)
    connection_pool (0.9.3)
    debugger (1.6.0)
      columnize (>= 0.3.1)
      debugger-linecache (~> 1.2.0)
      debugger-ruby_core_source (~> 1.2.1)
    debugger-linecache (1.2.0)
    debugger-ruby_core_source (1.2.3)
    diff-lcs (1.2.4)
    i18n (0.6.4)
    linecache (0.46)
      rbx-require-relative (> 0.0.4)
    multi_json (1.7.7)
    mustache (0.99.4)
    rbx-require-relative (0.0.9)
    redcarpet (1.17.2)
    rocco (0.8.2)
      mustache
      redcarpet
    rspec (2.14.0)
      rspec-core (~> 2.14.0)
      rspec-expectations (~> 2.14.0)
      rspec-mocks (~> 2.14.0)
    rspec-core (2.14.0)
    rspec-expectations (2.14.0)
      diff-lcs (>= 1.1.3, < 2.0)
    rspec-mocks (2.14.0)
    ruby-debug (0.10.4)
      columnize (>= 0.1)
      ruby-debug-base (~> 0.10.4.0)
    ruby-debug-base (0.10.4)
      linecache (>= 0.3)
    simple_uuid (0.3.0)
    thrift (0.8.0)
    thrift_client (0.8.4)
      thrift (~> 0.8.0)
    yard (0.8.6.2)

PLATFORMS
  java
  ruby

DEPENDENCIES
  byebug
  cequel!
  debugger
  redcarpet (< 2.0)
  rocco
  rspec (~> 2.0)
  ruby-debug
  yard (~> 0.6)
